GIT
  remote: https://github.com/adelevie/parse-ruby-client.git
  revision: 04bdebf52531df4bda8888b1f4b2042aa787cca6
  specs:
    parse-ruby-client (1.0.0)
      faraday (~> 0.9.2)
      faraday_middleware (~> 0.10.0)

GEM
  remote: https://rubygems.org/
  specs:
    faraday (0.9.2)
      multipart-post (>= 1.2, < 3)
    faraday_middleware (0.10.0)
      faraday (>= 0.7.4, < 0.10)
    multipart-post (2.0.0)

PLATFORMS
  ruby

DEPENDENCIES
  parse-ruby-client!

BUNDLED WITH
   1.10.6
